PATH
  remote: .
  specs:
    ec2-mini (0.0.2)
      aws-sdk

GEM
  remote: http://rubygems.org/
  specs:
    aws-sdk (1.9.5)
      json (~> 1.4)
      nokogiri (>= 1.4.4)
      uuidtools (~> 2.1)
    diff-lcs (1.2.3)
    json (1.7.7)
    nokogiri (1.5.9)
    rspec (2.13.0)
      rspec-core (~> 2.13.0)
      rspec-expectations (~> 2.13.0)
      rspec-mocks (~> 2.13.0)
    rspec-core (2.13.1)
    rspec-expectations (2.13.0)
      diff-lcs (>= 1.1.3, < 2.0)
    rspec-mocks (2.13.1)
    uuidtools (2.1.3)

PLATFORMS
  java
  ruby
  x86-mingw32

DEPENDENCIES
  ec2-mini!
  rspec
