PATH
  remote: .
  specs:
    ec2-mini (0.0.1)
      aws-sdk

GEM
  remote: http://rubygems.org/
  specs:
    aws-sdk (1.9.5)
      json (~> 1.4)
      nokogiri (>= 1.4.4)
      uuidtools (~> 2.1)
    json (1.7.7)
    nokogiri (1.5.9)
    uuidtools (2.1.3)

PLATFORMS
  java
  ruby
  x86-mingw32

DEPENDENCIES
  ec2-mini!
